GEM
  remote: https://rubygems.org/
  specs:
    actionmailer (4.1.4)
      actionpack (= 4.1.4)
      actionview (= 4.1.4)
      mail (~> 2.5.4)
    actionpack (4.1.4)
      actionview (= 4.1.4)
      activesupport (= 4.1.4)
      rack (~> 1.5.2)
      rack-test (~> 0.6.2)
    actionview (4.1.4)
      activesupport (= 4.1.4)
      builder (~> 3.1)
      erubis (~> 2.7.0)
    activemodel (4.1.4)
      activesupport (= 4.1.4)
      builder (~> 3.1)
    activerecord (4.1.4)
      activemodel (= 4.1.4)
      activesupport (= 4.1.4)
      arel (~> 5.0.0)
    activesupport (4.1.4)
      i18n (~> 0.6, >= 0.6.9)
      json (~> 1.7, >= 1.7.7)
      minitest (~> 5.1)
      thread_safe (~> 0.1)
      tzinfo (~> 1.1)
    addressable (2.4.0)
    arel (5.0.1.20140414130214)
    autoprefixer-rails (6.3.5)
      execjs
    awesome_nested_set (3.0.3)
      activerecord (>= 4.0.0, < 5)
    bcrypt (3.1.11)
    bootstrap-datepicker-rails (1.6.0.1)
      railties (>= 3.0)
    bootstrap-sass (3.3.3)
      autoprefixer-rails (>= 5.0.0.1)
      sass (>= 3.2.19)
    builder (3.2.2)
    byebug (8.2.2)
    cancan (1.6.10)
    capybara (2.6.2)
      addressable
      mime-types (>= 1.16)
      nokogiri (>= 1.3.3)
      rack (>= 1.0.0)
      rack-test (>= 0.5.4)
      xpath (~> 2.0)
    childprocess (0.5.9)
      ffi (~> 1.0, >= 1.0.11)
    coffee-rails (4.0.1)
      coffee-script (>= 2.2.0)
      railties (>= 4.0.0, < 5.0)
    coffee-script (2.4.1)
      coffee-script-source
      execjs
    coffee-script-source (1.10.0)
    cookiejar (0.3.0)
    cucumber (2.3.3)
      builder (>= 2.1.2)
      cucumber-core (~> 1.4.0)
      cucumber-wire (~> 0.0.1)
      diff-lcs (>= 1.1.3)
      gherkin (~> 3.2.0)
      multi_json (>= 1.7.5, < 2.0)
      multi_test (>= 0.1.2)
    cucumber-core (1.4.0)
      gherkin (~> 3.2.0)
    cucumber-rails (1.4.3)
      capybara (>= 1.1.2, < 3)
      cucumber (>= 1.3.8, < 3)
      mime-types (>= 1.16, < 4)
      nokogiri (~> 1.5)
      railties (>= 3, < 5)
    cucumber-wire (0.0.1)
    database_cleaner (1.5.1)
    debase (0.2.1)
      debase-ruby_core_source
    debase-ruby_core_source (0.8.4)
    devise (3.5.6)
      bcrypt (~> 3.0)
      orm_adapter (~> 0.1)
      railties (>= 3.2.6, < 5)
      responders
      thread_safe (~> 0.1)
      warden (~> 1.2.3)
    diff-lcs (1.2.5)
    docile (1.1.5)
    domain_name (0.5.20160310)
      unf (>= 0.0.5, < 1.0.0)
    em-http-request (1.1.3)
      addressable (>= 2.3.4)
      cookiejar (<= 0.3.0)
      em-socksify (>= 0.3)
      eventmachine (>= 1.0.3)
      http_parser.rb (>= 0.6.0)
    em-socksify (0.3.1)
      eventmachine (>= 1.0.0.beta.4)
    email_spec (1.6.0)
      launchy (~> 2.1)
      mail (~> 2.2)
    erubis (2.7.0)
    eventmachine (1.2.0.1)
    execjs (2.6.0)
    factory_girl (4.4.0)
      activesupport (>= 3.0.0)
    factory_girl_rails (4.4.1)
      factory_girl (~> 4.4.0)
      railties (>= 3.0.0)
    faker (1.4.3)
      i18n (~> 0.5)
    ffi (1.9.10)
    fullcalendar-rails (2.4.0.0)
      jquery-rails (>= 3.1.1, < 5.0.0)
      momentjs-rails (>= 2.9.0)
    gherkin (3.2.0)
    gon (6.0.1)
      actionpack (>= 3.0)
      json
      multi_json
      request_store (>= 1.0)
    haml (4.0.7)
      tilt
    haml-rails (0.9.0)
      actionpack (>= 4.0.1)
      activesupport (>= 4.0.1)
      haml (>= 4.0.6, < 5.0)
      html2haml (>= 1.0.1)
      railties (>= 4.0.1)
    hike (1.2.3)
    html2haml (2.0.0)
      erubis (~> 2.7.0)
      haml (~> 4.0.0)
      nokogiri (~> 1.6.0)
      ruby_parser (~> 3.5)
    http-cookie (1.0.2)
      domain_name (~> 0.5)
    http_parser.rb (0.6.0)
    i18n (0.7.0)
    ice_cube (0.14.0)
    jbuilder (2.4.1)
      activesupport (>= 3.0.0, < 5.1)
      multi_json (~> 1.2)
    jquery-rails (3.1.4)
      railties (>= 3.0, < 5.0)
      thor (>= 0.14, < 2.0)
    jquery-ui-rails (5.0.5)
      railties (>= 3.2.16)
    json (1.8.3)
    launchy (2.4.3)
      addressable (~> 2.3)
    mail (2.5.4)
      mime-types (~> 1.16)
      treetop (~> 1.4.8)
    mime-types (1.25.1)
    mini_portile2 (2.0.0)
    minitest (5.8.4)
    momentjs-rails (2.11.0)
      railties (>= 3.1)
    multi_json (1.11.2)
    multi_test (0.1.2)
    netrc (0.11.0)
    nokogiri (1.6.7.2)
      mini_portile2 (~> 2.0.0.rc2)
    nylas (2.0.1)
      em-http-request
      rest-client (~> 1.6)
      yajl-ruby
    orm_adapter (0.5.0)
    pg (0.18.4)
    polyglot (0.3.5)
    protected_attributes (1.1.3)
      activemodel (>= 4.0.1, < 5.0)
    rack (1.5.5)
    rack-test (0.6.3)
      rack (>= 1.0)
    rails (4.1.4)
      actionmailer (= 4.1.4)
      actionpack (= 4.1.4)
      actionview (= 4.1.4)
      activemodel (= 4.1.4)
      activerecord (= 4.1.4)
      activesupport (= 4.1.4)
      bundler (>= 1.3.0, < 2.0)
      railties (= 4.1.4)
      sprockets-rails (~> 2.0)
    rails_12factor (0.0.2)
      rails_serve_static_assets
      rails_stdout_logging
    rails_serve_static_assets (0.0.5)
    rails_stdout_logging (0.0.5)
    railties (4.1.4)
      actionpack (= 4.1.4)
      activesupport (= 4.1.4)
      rake (>= 0.8.7)
      thor (>= 0.18.1, < 2.0)
    rake (11.1.2)
    recurring_select (2.0.0)
      coffee-rails (>= 3.1)
      ice_cube (>= 0.11)
      jquery-rails (>= 3.0)
      rails (>= 3.2)
      sass-rails (>= 4.0)
    request_store (1.3.0)
    responders (1.1.2)
      railties (>= 3.2, < 4.2)
    rest-client (1.8.0)
      http-cookie (>= 1.0.2, < 2.0)
      mime-types (>= 1.16, < 3.0)
      netrc (~> 0.7)
    rolify (5.1.0)
    rspec-core (3.0.4)
      rspec-support (~> 3.0.0)
    rspec-expectations (3.0.4)
      diff-lcs (>= 1.2.0, < 2.0)
      rspec-support (~> 3.0.0)
    rspec-mocks (3.0.4)
      rspec-support (~> 3.0.0)
    rspec-rails (3.0.1)
      actionpack (>= 3.0)
      activesupport (>= 3.0)
      railties (>= 3.0)
      rspec-core (~> 3.0.0)
      rspec-expectations (~> 3.0.0)
      rspec-mocks (~> 3.0.0)
      rspec-support (~> 3.0.0)
    rspec-support (3.0.4)
    ruby-debug-ide (0.6.0)
      rake (>= 0.8.1)
    ruby_parser (3.8.1)
      sexp_processor (~> 4.1)
    rubyzip (1.2.0)
    sass (3.2.19)
    sass-rails (4.0.5)
      railties (>= 4.0.0, < 5.0)
      sass (~> 3.2.2)
      sprockets (~> 2.8, < 3.0)
      sprockets-rails (~> 2.0)
    selenium-webdriver (2.53.0)
      childprocess (~> 0.5)
      rubyzip (~> 1.0)
      websocket (~> 1.0)
    sexp_processor (4.7.0)
    simplecov (0.11.2)
      docile (~> 1.1.0)
      json (~> 1.8)
      simplecov-html (~> 0.10.0)
    simplecov-html (0.10.0)
    sprockets (2.12.4)
      hike (~> 1.2)
      multi_json (~> 1.0)
      rack (~> 1.0)
      tilt (~> 1.1, != 1.3.0)
    sprockets-rails (2.3.3)
      actionpack (>= 3.0)
      activesupport (>= 3.0)
      sprockets (>= 2.8, < 4.0)
    sqlite3 (1.3.11)
    the_sortable_tree (2.5.0)
      rails (>= 3.1)
    thor (0.19.1)
    thread_safe (0.3.5)
    tilt (1.4.1)
    treetop (1.4.15)
      polyglot
      polyglot (>= 0.3.1)
    tzinfo (1.2.2)
      thread_safe (~> 0.1)
    uglifier (2.5.3)
      execjs (>= 0.3.0)
      json (>= 1.8.0)
    unf (0.1.4)
      unf_ext
    unf_ext (0.0.7.2)
    warden (1.2.6)
      rack (>= 1.0)
    websocket (1.2.2)
    xpath (2.0.0)
      nokogiri (~> 1.3)
    yajl-ruby (1.2.1)
    yaml_db (0.3.0)
      rails (>= 3.0, < 4.3)
      rake (>= 0.8.7)

PLATFORMS
  ruby

DEPENDENCIES
  awesome_nested_set
  bootstrap-datepicker-rails
  bootstrap-sass (= 3.3.3)
  byebug
  cancan
  capybara
  coffee-rails (~> 4.0.1)
  cucumber-rails
  database_cleaner
  debase
  devise
  email_spec
  factory_girl
  factory_girl_rails (~> 4.4.1)
  faker (~> 1.4.2)
  fullcalendar-rails
  gon
  haml
  haml-rails
  ice_cube
  jbuilder
  jquery-rails
  jquery-ui-rails
  momentjs-rails
  nylas
  pg
  protected_attributes
  rails (= 4.1.4)
  rails_12factor (= 0.0.2)
  recurring_select
  rolify
  rspec-rails (= 3.0.1)
  ruby-debug-ide
  sass-rails (~> 4.0.3)
  selenium-webdriver
  simplecov
  sqlite3
  the_sortable_tree (~> 2.5.0)
  uglifier (~> 2.5.1)
  yaml_db

BUNDLED WITH
   1.11.2
